PATH
  remote: .
  specs:
    rlrw (0.0.1)
      murmurhash3 (= 0.1.4)

GEM
  remote: https://rubygems.org/
  specs:
    murmurhash3 (0.1.4)
    rake (10.4.2)

PLATFORMS
  ruby

DEPENDENCIES
  bundler (~> 1.7)
  rake (~> 10.0)
  rlrw!
